GEM
  remote: http://rubygems.org/
  specs:
    coffee-script (2.2.0)
      coffee-script-source
      execjs
    coffee-script-source (1.0.1)
    execjs (0.2.0)
    haml (3.0.25)
    rack (1.2.2)
    shotgun (0.9)
      rack (>= 1.0)
    sinatra (1.2.1)
      rack (~> 1.1)
      tilt (>= 1.2.2, < 2.0)
    slim (0.9.1)
      temple (~> 0.1.8)
      tilt (~> 1.2)
    temple (0.1.8)
    tilt (1.2.2)

PLATFORMS
  ruby

DEPENDENCIES
  coffee-script
  haml
  shotgun
  sinatra
  slim
